PATH
  remote: .
  specs:
    emeb (0.0.1)

GEM
  remote: http://rubygems.org/
  specs:
    diff-lcs (1.1.3)
    rdiscount (1.6.8)
    rspec (2.6.0)
      rspec-core (~> 2.6.0)
      rspec-expectations (~> 2.6.0)
      rspec-mocks (~> 2.6.0)
    rspec-core (2.6.4)
    rspec-expectations (2.6.0)
      diff-lcs (~> 1.1.2)
    rspec-mocks (2.6.0)
    yard (0.7.2)

PLATFORMS
  ruby

DEPENDENCIES
  emeb!
  rdiscount (~> 1.6.8)
  rspec (~> 2.6)
  yard (~> 0.7)
