PATH
  remote: .
  specs:
    emeb (0.0.1)
      activesupport (~> 3.1.0)
      eventmachine (~> 0.12.10)

GEM
  remote: http://rubygems.org/
  specs:
    activesupport (3.1.0)
      multi_json (~> 1.0)
    diff-lcs (1.1.3)
    eventmachine (0.12.10)
    multi_json (1.0.3)
    rake (0.9.2.2)
    rdiscount (1.6.8)
    rspec (2.6.0)
      rspec-core (~> 2.6.0)
      rspec-expectations (~> 2.6.0)
      rspec-mocks (~> 2.6.0)
    rspec-core (2.6.4)
    rspec-expectations (2.6.0)
      diff-lcs (~> 1.1.2)
    rspec-mocks (2.6.0)
    yard (0.7.2)

PLATFORMS
  ruby

DEPENDENCIES
  emeb!
  rake (~> 0.9)
  rdiscount (~> 1.6.8)
  rspec (~> 2.6)
  yard (~> 0.7)
